GEM
  remote: https://rubygems.org/
  specs:
    addressable (2.3.3)
    excon (0.20.1)
    heroku (2.37.2)
      heroku-api (~> 0.3.7)
      launchy (>= 0.3.2)
      netrc (~> 0.7.7)
      rest-client (~> 1.6.1)
      rubyzip
    heroku-api (0.3.9)
      excon (~> 0.20.1)
    launchy (2.2.0)
      addressable (~> 2.3)
    mime-types (1.22)
    multipart-post (1.1.5)
    netrc (0.7.7)
    rake (10.0.4)
    rest-client (1.6.7)
      mime-types (>= 1.16)
    rubyzip (0.9.9)
    thor (0.14.6)
    vulcan (0.8.1)
      heroku (>= 2.26.0, < 3.0)
      multipart-post (~> 1.1.3)
      rest-client (~> 1.6.7)
      thor (~> 0.14.6)

PLATFORMS
  ruby

DEPENDENCIES
  heroku
  rake
  vulcan
